GEM
  remote: http://rubygems.org/
  specs:
    daemons (1.1.8)
    eventmachine (0.12.10)
    foreman (0.47.0)
      thor (>= 0.13.6)
    haml (3.1.6)
    json (1.7.3)
    progressbar (0.11.0)
    rack (1.4.1)
    rack-protection (1.2.0)
      rack
    sequel (3.36.1)
    shotgun (0.9)
      rack (>= 1.0)
    sinatra (1.3.2)
      rack (~> 1.3, >= 1.3.6)
      rack-protection (~> 1.2)
      tilt (~> 1.3, >= 1.3.3)
    sinatra-sequel (0.9.0)
      sequel (>= 3.2.0)
      sinatra (>= 0.9.4)
    sqlite3 (1.3.6)
    thin (1.3.1)
      daemons (>= 1.0.9)
      eventmachine (>= 0.12.6)
      rack (>= 1.0.0)
    thor (0.15.3)
    tilt (1.3.3)

PLATFORMS
  ruby

DEPENDENCIES
  foreman
  haml
  json
  progressbar
  sequel
  shotgun
  sinatra
  sinatra-sequel
  sqlite3
  thin
